GIT
  remote: git://github.com/railsdog/searchlogic.git
  revision: 92487f9773b01d27a350c71d0e12fc0124b866b2
  specs:
    rd_searchlogic (3.0.1)
      activerecord (>= 3.0.0)

GEM
  remote: http://rubygems.org/
  specs:
    abstract (1.0.0)
    actionmailer (3.0.9)
      actionpack (= 3.0.9)
      mail (~> 2.2.19)
    actionpack (3.0.9)
      activemodel (= 3.0.9)
      activesupport (= 3.0.9)
      builder (~> 2.1.2)
      erubis (~> 2.6.6)
      i18n (~> 0.5.0)
      rack (~> 1.2.1)
      rack-mount (~> 0.6.14)
      rack-test (~> 0.5.7)
      tzinfo (~> 0.3.23)
    activemodel (3.0.9)
      activesupport (= 3.0.9)
      builder (~> 2.1.2)
      i18n (~> 0.5.0)
    activerecord (3.0.9)
      activemodel (= 3.0.9)
      activesupport (= 3.0.9)
      arel (~> 2.0.10)
      tzinfo (~> 0.3.23)
    activeresource (3.0.9)
      activemodel (= 3.0.9)
      activesupport (= 3.0.9)
    activesupport (3.0.9)
    akami (1.0.0)
      gyoku (>= 0.4.0)
    andand (1.3.1)
    arel (2.0.10)
    awesome_print (0.4.0)
    builder (2.1.2)
    daemons (1.1.3)
    erubis (2.6.6)
      abstract (>= 1.0.0)
    eventmachine (0.12.10)
    eventmachine (0.12.10-java)
    gyoku (0.4.4)
      builder (>= 2.1.2)
    hoptoad_notifier (2.4.11)
      activesupport
      builder
    hpricot (0.8.4)
    hpricot (0.8.4-java)
    httpi (0.9.5)
      rack
    i18n (0.5.0)
    jquery-rails (1.0.12)
      railties (~> 3.0)
      thor (~> 0.14)
    mail (2.2.19)
      activesupport (>= 2.3.6)
      i18n (>= 0.4.0)
      mime-types (~> 1.16)
      treetop (~> 1.4.8)
    mime-types (1.16)
    newrelic_rpm (2.13.1)
    nokogiri (1.5.0)
    nokogiri (1.5.0-java)
    nori (1.0.2)
    oauth (0.4.5)
    polyglot (0.3.1)
    rack (1.2.3)
    rack-mount (0.6.14)
      rack (>= 1.0.0)
    rack-test (0.5.7)
      rack (>= 1.0)
    rails (3.0.9)
      actionmailer (= 3.0.9)
      actionpack (= 3.0.9)
      activerecord (= 3.0.9)
      activeresource (= 3.0.9)
      activesupport (= 3.0.9)
      bundler (~> 1.0)
      railties (= 3.0.9)
    railties (3.0.9)
      actionpack (= 3.0.9)
      activesupport (= 3.0.9)
      rake (>= 0.8.7)
      rdoc (~> 3.4)
      thor (~> 0.14.4)
    rake (0.9.2)
    rdoc (3.8)
    relax (0.0.7)
      hpricot (>= 0.6)
    remit (2.0.1)
      relax (~> 0.0.7)
    rest-client (1.6.3)
      mime-types (>= 1.16)
    savon (0.9.6)
      akami (~> 1.0)
      builder (>= 2.1.2)
      gyoku (>= 0.4.0)
      httpi (~> 0.9)
      nokogiri (>= 1.4.0)
      nori (~> 1.0)
      wasabi (~> 2.0)
    sqlite3 (1.3.3)
    thin (1.2.11)
      daemons (>= 1.0.9)
      eventmachine (>= 0.12.6)
      rack (>= 1.0.0)
    thor (0.14.6)
    treetop (1.4.9)
      polyglot (>= 0.3.1)
    typhoeus (0.2.4)
      mime-types
      mime-types
    tzinfo (0.3.29)
    wasabi (2.0.0)
      nokogiri (>= 1.4.0)

PLATFORMS
  java
  ruby

DEPENDENCIES
  andand
  awesome_print
  hoptoad_notifier
  jquery-rails
  newrelic_rpm (= 2.13.1)
  oauth
  rails (= 3.0.9)
  rd_searchlogic!
  remit
  rest-client
  savon
  sqlite3
  thin
  typhoeus
